GEM
  remote: https://rubygems.org/
  specs:
    bowser (1.0.4)
      opal (>= 0.7.0, < 0.12.0)
    clearmarked (0.1.0)
      clearwater
    clearwater (1.1.2)
      bowser (~> 1.0)
      opal (~> 0.7)
    clearwater-hot_loader (0.4.1)
      clearwater (~> 1.0)
      faye-websocket
      listen
    concurrent-ruby (1.1.4)
    eventmachine (1.2.7)
    execjs (2.7.0)
    faye-websocket (0.10.7)
      eventmachine (>= 0.12.0)
      websocket-driver (>= 0.5.1)
    ffi (1.9.25)
    hike (1.2.3)
    listen (3.1.5)
      rb-fsevent (~> 0.9, >= 0.9.4)
      rb-inotify (~> 0.9, >= 0.9.7)
      ruby_dep (~> 1.2)
    opal (0.10.6)
      hike (~> 1.2)
      sourcemap (~> 0.1.0)
      sprockets (~> 3.1)
      tilt (>= 1.4)
    puma (3.12.0)
    rack (1.6.11)
    rake (12.3.2)
    rb-fsevent (0.10.3)
    rb-inotify (0.10.0)
      ffi (~> 1.0)
    rerun (0.13.0)
      listen (~> 3.0)
    roda (3.15.0)
      rack
    roda-opal_assets (0.3.3)
      opal (~> 0.7, < 0.11.0)
      rack (~> 1.0)
      roda
      sprockets (~> 3.6.0)
      uglifier (~> 3.0)
    ruby_dep (1.5.0)
    sourcemap (0.1.1)
    sprockets (3.6.3)
      concurrent-ruby (~> 1.0)
      rack (> 1, < 3)
    tilt (2.0.9)
    uglifier (3.2.0)
      execjs (>= 0.3.0, < 3)
    websocket-driver (0.7.0)
      websocket-extensions (>= 0.1.0)
    websocket-extensions (0.1.3)

PLATFORMS
  ruby

DEPENDENCIES
  bowser
  clearmarked
  clearwater
  clearwater-hot_loader
  opal
  puma
  rake
  rerun
  roda
  roda-opal_assets (>= 0.3.1)

RUBY VERSION
   ruby 2.6.0p0

BUNDLED WITH
   1.17.2
